PATH
  remote: .
  specs:
    exotel (0.2)
      httparty (= 0.7.8)

GEM
  remote: http://rubygems.org/
  specs:
    addressable (2.3.2)
    crack (0.1.8)
    httparty (0.7.8)
      crack (= 0.1.8)
    metaclass (0.0.1)
    mocha (0.13.0)
      metaclass (~> 0.0.1)
    webmock (1.9.0)
      addressable (>= 2.2.7)
      crack (>= 0.1.7)

PLATFORMS
  ruby

DEPENDENCIES
  bundler (>= 1.0.0)
  exotel!
  mocha
  webmock
